GEM
  remote: https://rubygems.org/
  specs:
    addressable (2.4.0)
    backports (3.6.7)
    concurrent-ruby (1.0.0)
    connection_pool (2.2.0)
    descendants_tracker (0.0.4)
      thread_safe (~> 0.3, >= 0.3.1)
    faraday (0.9.2)
      multipart-post (>= 1.2, < 3)
    github_api (0.13.1)
      addressable (~> 2.4.0)
      descendants_tracker (~> 0.0.4)
      faraday (~> 0.8, < 0.10)
      hashie (>= 3.4)
      multi_json (>= 1.7.5, < 2.0)
      oauth2
    haml (4.0.7)
      tilt
    hashie (3.4.3)
    hiredis (0.6.1)
    json (1.8.3)
    jwt (1.5.2)
    mail (2.6.4)
      mime-types (>= 1.16, < 3)
    mime-types (2.99)
    multi_json (1.11.2)
    multi_xml (0.5.5)
    multipart-post (2.0.0)
    newrelic-redis (2.0.2)
      newrelic_rpm (~> 3.11)
      redis (< 4.0)
    newrelic_rpm (3.15.2.317)
    oauth2 (1.0.0)
      faraday (>= 0.8, < 0.10)
      jwt (~> 1.0)
      multi_json (~> 1.3)
      multi_xml (~> 0.5)
      rack (~> 1.2)
    puma (3.4.0)
    rack (1.6.4)
    rack-flash3 (1.0.5)
      rack
    rack-protection (1.5.3)
      rack
    rack-test (0.6.3)
      rack (>= 1.0)
    rack_csrf (2.5.0)
      rack (>= 1.1.0)
    redis (3.3.0)
    sidekiq (4.1.2)
      concurrent-ruby (~> 1.0)
      connection_pool (~> 2.2, >= 2.2.0)
      redis (~> 3.2, >= 3.2.1)
    sinatra (1.4.7)
      rack (~> 1.5)
      rack-protection (~> 1.4)
      tilt (>= 1.3, < 3)
    sinatra-contrib (1.4.6)
      backports (>= 2.0)
      multi_json
      rack-protection
      rack-test
      sinatra (~> 1.4.0)
      tilt (>= 1.3, < 3)
    thread_safe (0.3.5)
    tilt (2.0.2)

PLATFORMS
  ruby

DEPENDENCIES
  github_api (~> 0.13.0)
  haml (~> 4.0.6)
  hiredis (~> 0.6.0)
  json (~> 1.8.1)
  mail (~> 2.6.4)
  newrelic-redis (~> 2.0.0)
  newrelic_rpm (~> 3.15.2)
  puma (~> 3.4.0)
  rack-flash3 (~> 1.0.5)
  rack_csrf (~> 2.5.0)
  redis (~> 3.3.0)
  sidekiq (~> 4.1.2)
  sinatra (~> 1.4.7)
  sinatra-contrib (~> 1.4.2)

BUNDLED WITH
   1.11.2
